PATH
  remote: .
  specs:
    guard-rspec (0.1.0.beta.1)
      guard (~> 0.1.0.beta.1)

GEM
  remote: http://rubygems.org/
  specs:
    diff-lcs (1.1.2)
    ffi (0.6.3)
      rake (>= 0.8.7)
    growl (1.0.3)
    guard (0.1.0.beta.1)
      growl (~> 1.0.3)
      libnotify (~> 0.1.3)
      rb-inotify
      sys-uname (~> 0.8.4)
      thor (~> 0.14.2)
    libnotify (0.1.4)
      ffi (>= 0.6.2)
    rake (0.8.7)
    rb-inotify (0.8.1)
      ffi (>= 0.5.0)
    rspec (2.0.0.beta.22)
      rspec-core (= 2.0.0.beta.22)
      rspec-expectations (= 2.0.0.beta.22)
      rspec-mocks (= 2.0.0.beta.22)
    rspec-core (2.0.0.beta.22)
    rspec-expectations (2.0.0.beta.22)
      diff-lcs (>= 1.1.2)
    rspec-mocks (2.0.0.beta.22)
      rspec-core (= 2.0.0.beta.22)
      rspec-expectations (= 2.0.0.beta.22)
    sys-uname (0.8.4)
    thor (0.14.2)

PLATFORMS
  ruby

DEPENDENCIES
  bundler (~> 1.0.2)
  guard (~> 0.1.0.beta.1)
  guard-rspec!
  rspec (~> 2.0.0.beta.22)
