GEM
  remote: http://rubygems.org/
  specs:
    ffi (0.6.3)
      rake (>= 0.8.7)
    growl (1.0.3)
    guard (0.1.0.beta.2)
      bundler (~> 1.0.2)
      growl (~> 1.0.3)
      libnotify (~> 0.1.3)
      rb-inotify (~> 0.8.1)
      sys-uname (~> 0.8.4)
      thor (~> 0.14.3)
    guard-rspec (0.1.0.beta.1)
      guard (~> 0.1.0.beta.1)
    libnotify (0.1.4)
      ffi (>= 0.6.2)
    rake (0.8.7)
    rb-inotify (0.8.1)
      ffi (>= 0.5.0)
    rspec (1.3.0)
    sys-uname (0.8.4)
    thor (0.14.3)

PLATFORMS
  ruby

DEPENDENCIES
  guard
  guard-rspec
  rspec (~> 1.3.0)
