GEM
  remote: http://rubygems.org/
  specs:
    rspec (1.3.1)

PLATFORMS
  java
  ruby

DEPENDENCIES
  rspec (~> 1.3.1)
